GEM
  remote: https://rubygems.org/
  specs:
    args_parser (0.2.0)
    em-websocket (0.5.1)
      eventmachine (>= 0.12.9)
      http_parser.rb (~> 0.6.0)
    eventmachine (1.0.9.1)
    eventmachine_httpserver (0.2.1)
    http_parser.rb (0.6.0)
    json (1.8.3)
    serialport (1.3.1)
    serialport-server (0.1.1)
      args_parser (~> 0.2)
      em-websocket
      eventmachine
      eventmachine_httpserver
      json
      serialport (>= 1.0.4)

PLATFORMS
  ruby

DEPENDENCIES
  json
  serialport-server
